GEM
  remote: http://rubygems.org/
  specs:
    beefcake (0.3.2)
    builder (2.1.2)
    daemons (1.1.0)
    eventmachine (0.12.10)
    haml (3.0.23)
    i18n (0.6.0)
    rack (1.2.1)
    riak-client (0.9.8)
      beefcake (= 0.3.2)
      builder (~> 2.1.2)
      i18n (>= 0.4.0)
    sinatra (1.1.0)
      rack (~> 1.1)
      tilt (~> 1.1)
    thin (1.2.7)
      daemons (>= 1.0.9)
      eventmachine (>= 0.12.6)
      rack (>= 1.0.0)
    tilt (1.1)

PLATFORMS
  ruby

DEPENDENCIES
  daemons
  haml (>= 2.2)
  riak-client (~> 0.9.0)
  sinatra (>= 1.0)
  thin
